GIT
  remote: git://github.com/schacon/showoff.git
  revision: 6defc51d158897e0517019d6605d709b9bcc906a
  specs:
    showoff (0.7.0)
      gli (>= 1.3.2)
      json
      nokogiri
      parslet
      redcarpet
      sinatra (~> 1.3)

GEM
  remote: https://rubygems.org/
  specs:
    blankslate (2.1.2.4)
    gli (1.6.0)
    json (1.7.5)
    nokogiri (1.5.5)
    parslet (1.4.0)
      blankslate (~> 2.0)
    pdfkit (0.5.2)
    rack (1.4.1)
    rack-protection (1.2.0)
      rack
    redcarpet (2.1.1)
    rmagick (2.13.1)
    sinatra (1.3.3)
      rack (~> 1.3, >= 1.3.6)
      rack-protection (~> 1.2)
      tilt (~> 1.3, >= 1.3.3)
    tilt (1.3.3)

PLATFORMS
  ruby

DEPENDENCIES
  gli (= 1.6.0)
  pdfkit
  rmagick
  showoff!
